GEM
  remote: https://rubygems.org/
  specs:
    minitest (5.25.5)

PLATFORMS
  ruby
  x86_64-linux

DEPENDENCIES
  bundler (~> 2.0)
  minitest (~> 5.0)

RUBY VERSION
   ruby 3.3.8p144

BUNDLED WITH
   2.6.9
